PATH
  remote: .
  specs:
    fastbillr (0.0.1)
      excon (~> 0.31.0)
      hashie (~> 2.0.5)

GEM
  remote: https://rubygems.org/
  specs:
    excon (0.31.0)
    hashie (2.0.5)
    minitest (5.2.1)
    rake (10.1.1)

PLATFORMS
  ruby

DEPENDENCIES
  fastbillr!
  minitest (~> 5.2.1)
  rake (~> 10.1.1)
